GEM
  remote: http://rubygems.org/
  specs:
    bcrypt-ruby (3.0.1)
    haml (3.1.7)
    pg (0.14.1)
    rack (1.4.1)
    rack-protection (1.2.0)
      rack
    sinatra (1.3.3)
      rack (~> 1.3, >= 1.3.6)
      rack-protection (~> 1.2)
      tilt (~> 1.3, >= 1.3.3)
    tilt (1.3.3)

PLATFORMS
  ruby

DEPENDENCIES
  bcrypt-ruby
  haml
  pg
  sinatra (>= 1.2.6)
